PATH
  remote: .
  specs:
    kauperts_link_checker (0.2.2)
      i18n
      simpleidn

GEM
  remote: http://rubygems.org/
  specs:
    activesupport (2.3.11)
    i18n (0.5.0)
    mocha (0.9.12)
    redgreen (1.2.2)
    simpleidn (0.0.1)

PLATFORMS
  ruby

DEPENDENCIES
  activesupport
  bundler
  kauperts_link_checker!
  mocha
  redgreen
